GEM
  remote: https://rubygems.org/
  specs:
    activemodel (3.2.13)
      activesupport (= 3.2.13)
      builder (~> 3.0.0)
    activesupport (3.2.13)
      i18n (= 0.6.1)
      multi_json (~> 1.0)
    args_parser (0.1.4)
    backports (3.3.0)
    bson (1.8.4)
    bson_ext (1.8.4)
      bson (~> 1.8.4)
    builder (3.0.4)
    faraday (0.8.7)
      multipart-post (~> 1.1)
    hashie (1.2.0)
    i18n (0.6.1)
    json (1.7.7)
    mongo (1.8.4)
      bson (~> 1.8.4)
    mongoid (2.7.1)
      activemodel (~> 3.1)
      mongo (~> 1.8)
      tzinfo (~> 0.3.22)
    multi_json (1.7.2)
    multipart-post (1.2.0)
    oauth (0.4.7)
    parallel (0.6.4)
    rainbow (1.1.4)
    simple_oauth (0.2.0)
    tw (0.3.9)
      args_parser (>= 0.1.2)
      json (>= 1.7.0)
      parallel (>= 0.6.0)
      rainbow (>= 1.1.4)
      twitter (>= 4.4.0)
      userstream (>= 1.2.0)
    twitter (4.6.2)
      faraday (~> 0.8, < 0.10)
      multi_json (~> 1.0)
      simple_oauth (~> 0.2)
    tzinfo (0.3.37)
    userstream (1.3.0)
      hashie (~> 1.2.0)
      oauth (~> 0.4.7)
      yajl-ruby (~> 1.1.0)
    yajl-ruby (1.1.0)

PLATFORMS
  ruby

DEPENDENCIES
  args_parser
  backports
  bson
  bson_ext
  json
  mongoid (~> 2.7)
  tw
