GEM
  remote: http://rubygems.org/
  specs:
    ArgsParser (1.0.0)
    activemodel (3.0.12)
      activesupport (= 3.0.12)
      builder (~> 2.1.2)
      i18n (~> 0.5.0)
    activesupport (3.0.12)
    backports (2.6.4)
    bson (1.6.1)
    bson_ext (1.6.1)
      bson (~> 1.6.1)
    builder (2.1.2)
    i18n (0.5.0)
    json (1.6.6)
    mongo (1.6.1)
      bson (~> 1.6.1)
    mongoid (2.2.6)
      activemodel (~> 3.0.0)
      mongo (~> 1.3)
      tzinfo (~> 0.3.22)
    tzinfo (0.3.32)

PLATFORMS
  ruby

DEPENDENCIES
  ArgsParser
  backports
  bson
  bson_ext
  json
  mongoid (< 3.0.0)
